GEM
  remote: http://rubygems.org/
  specs:
    ZenTest (4.5.0)
    autotest-rails (4.1.0)
      ZenTest
    babosa (0.3.2)
    builder (3.0.0)
    crack (0.1.8)
    cucumber (0.10.0)
      builder (>= 2.1.2)
      diff-lcs (~> 1.1.2)
      gherkin (~> 2.3.2)
      json (~> 1.4.6)
      term-ansicolor (~> 1.0.5)
    daemons (1.1.0)
    delayed_job (2.0.4)
      daemons
    diff-lcs (1.1.2)
    fakeweb (1.3.0)
    friendly_id (3.2.1.1)
      babosa (~> 0.3.0)
    gherkin (2.3.3)
      json (~> 1.4.6)
    hashie (1.0.0)
    hoe (2.8.0)
      rake (>= 0.8.7)
    httparty (0.7.4)
      crack (= 0.1.8)
    json (1.4.6)
    rack (1.1.2)
    rake (0.8.7)
    redmine_plugin_support (0.0.4)
    rspec (2.5.0)
      rspec-core (~> 2.5.0)
      rspec-expectations (~> 2.5.0)
      rspec-mocks (~> 2.5.0)
    rspec-core (2.5.1)
    rspec-expectations (2.5.0)
      diff-lcs (~> 1.1.2)
    rspec-mocks (2.5.0)
    rspec-rails (1.3.2)
      rack (>= 1.0.0)
      rspec (>= 1.3.0)
    term-ansicolor (1.0.5)

PLATFORMS
  ruby

DEPENDENCIES
  ZenTest
  autotest-rails (~> 4.1.0)
  cucumber
  delayed_job (~> 2.0.4)
  fakeweb
  friendly_id (~> 3.2.1)
  hashie (~> 1.0.0)
  hoe (~> 2.8.0)
  httparty (~> 0.7.4)
  redmine_plugin_support
  rspec-rails
