GEM
  remote: http://rubygems.org/
  specs:
    ZenTest (4.5.0)
    actionmailer (2.3.14)
      actionpack (= 2.3.14)
    actionpack (2.3.14)
      activesupport (= 2.3.14)
      rack (~> 1.1.0)
    activerecord (2.3.14)
      activesupport (= 2.3.14)
    activeresource (2.3.14)
      activesupport (= 2.3.14)
    activesupport (2.3.14)
    autotest-rails (4.1.1)
      ZenTest (= 4.5)
    babosa (0.3.5)
    builder (3.0.0)
    crack (0.1.8)
    cucumber (1.1.3)
      builder (>= 2.1.2)
      diff-lcs (>= 1.1.2)
      gherkin (~> 2.6.7)
      json (>= 1.4.6)
      term-ansicolor (>= 1.0.6)
    daemons (1.0.10)
    delayed_job (2.0.7)
      activesupport (~> 2.0)
      daemons (= 1.0.10)
    diff-lcs (1.1.3)
    fakeweb (1.3.0)
    fastercsv (1.5.4)
    friendly_id (3.2.1.1)
      babosa (~> 0.3.0)
    gherkin (2.6.8)
      json (>= 1.4.6)
    hashie (1.0.0)
    hoe (2.8.0)
      rake (>= 0.8.7)
    httparty (0.7.8)
      crack (= 0.1.8)
    json (1.6.1)
    nokogiri (1.5.0)
    rack (1.1.2)
    rack-test (0.6.1)
      rack (>= 1.0)
    rails (2.3.14)
      actionmailer (= 2.3.14)
      actionpack (= 2.3.14)
      activerecord (= 2.3.14)
      activeresource (= 2.3.14)
      activesupport (= 2.3.14)
      rake (>= 0.8.3)
    rake (0.9.2.2)
    redmine_plugin_support (0.0.4)
    rspec (1.3.2)
    rspec-rails (1.3.4)
      rack (>= 1.0.0)
      rspec (~> 1.3.1)
    rubytree (0.5.3)
    shoulda (2.11.3)
    sqlite3-ruby (1.2.5)
    term-ansicolor (1.0.7)
    webrat (0.7.3)
      nokogiri (>= 1.2.0)
      rack (>= 1.0)
      rack-test (>= 0.5.3)

PLATFORMS
  ruby

DEPENDENCIES
  ZenTest
  autotest-rails (~> 4.1.0)
  cucumber
  delayed_job (~> 2.0.4)
  fakeweb
  fastercsv
  friendly_id (~> 3.2.1)
  hashie (~> 1.0.0)
  hoe (~> 2.8.0)
  httparty (~> 0.7.4)
  rails (= 2.3.14)
  redmine_plugin_support
  rspec (~> 1.3)
  rspec-rails
  rubytree (~> 0.5.2)
  shoulda
  sqlite3-ruby (< 1.3)
  webrat
