GEM
  remote: http://rubygems.org/
  specs:
    ZenTest (4.5.0)
    autotest-rails (4.1.0)
      ZenTest
    crack (0.1.8)
    daemons (1.1.0)
    delayed_job (2.0.4)
      daemons
    fakeweb (1.3.0)
    hashie (1.0.0)
    hoe (2.8.0)
      rake (>= 0.8.7)
    httparty (0.7.4)
      crack (= 0.1.8)
    rake (0.8.7)

PLATFORMS
  ruby

DEPENDENCIES
  ZenTest
  autotest-rails (~> 4.1.0)
  delayed_job (~> 2.0.4)
  fakeweb
  hashie (~> 1.0.0)
  hoe (~> 2.8.0)
  httparty (~> 0.7.4)
