GEM
  remote: http://rubygems.org/
  specs:
    crack (0.1.8)
    daemons (1.1.0)
    delayed_job (2.0.4)
      daemons
    hoe (2.9.1)
      rake (>= 0.8.7)
    httparty (0.7.4)
      crack (= 0.1.8)
    rake (0.8.7)

PLATFORMS
  ruby

DEPENDENCIES
  delayed_job (~> 2.0.4)
  hoe
  httparty (~> 0.7.4)
